<<<<<<< HEAD
GIT
  remote: git://github.com/thibaudgg/heroku_tasks.git
  revision: 26937774ed6cdc848977cbcbdb88f0ede7f9fcfa
  specs:
    heroku_tasks (0.1.0)

GIT
  remote: git://github.com/thibaudgg/jammit.git
  revision: a9d1aec010616838fa000942af94071b4acf5582
  specs:
    jammit (0.5.1)
      closure-compiler (>= 0.1.0)
      yui-compressor (>= 0.9.1)

=======
>>>>>>> 2829b84076f3bd62302e7e816ff03e75360cbeab
GEM
  remote: http://rubygems.org/
  specs:
    abstract (1.0.0)
<<<<<<< HEAD
    actionmailer (3.0.0)
      actionpack (= 3.0.0)
      mail (~> 2.2.5)
    actionpack (3.0.0)
      activemodel (= 3.0.0)
      activesupport (= 3.0.0)
      builder (~> 2.1.2)
      erubis (~> 2.6.6)
      i18n (~> 0.4.1)
      rack (~> 1.2.1)
      rack-mount (~> 0.6.12)
      rack-test (~> 0.5.4)
      tzinfo (~> 0.3.23)
    activemodel (3.0.0)
      activesupport (= 3.0.0)
      builder (~> 2.1.2)
      i18n (~> 0.4.1)
    activerecord (3.0.0)
      activemodel (= 3.0.0)
      activesupport (= 3.0.0)
      arel (~> 1.0.0)
      tzinfo (~> 0.3.23)
    activeresource (3.0.0)
      activemodel (= 3.0.0)
      activesupport (= 3.0.0)
    activesupport (3.0.0)
    arel (1.0.1)
      activesupport (~> 3.0.0)
    builder (2.1.2)
    closure-compiler (0.3.2)
    configuration (1.1.0)
    erubis (2.6.6)
      abstract (>= 1.0.0)
    haml (3.0.18)
    heroku (1.9.13)
      json_pure (>= 1.2.0, < 1.5.0)
      launchy (~> 0.3.2)
      rest-client (~> 1.4.0)
    i18n (0.4.1)
=======
    actionmailer (2.3.8)
      actionpack (= 2.3.8)
    actionpack (2.3.8)
      activesupport (= 2.3.8)
      rack (~> 1.1.0)
    activerecord (2.3.8)
      activesupport (= 2.3.8)
    activeresource (2.3.8)
      activesupport (= 2.3.8)
    activesupport (2.3.8)
    bson_ext (1.0)
    capybara (0.3.9)
      culerity (>= 0.2.4)
      mime-types (>= 1.16)
      nokogiri (>= 1.3.3)
      rack (>= 1.0.0)
      rack-test (>= 0.5.4)
      selenium-webdriver (>= 0.0.3)
    carrierwave (0.4.5)
    closure-compiler (0.3.2)
    configuration (1.1.0)
    culerity (0.2.10)
    erubis (2.6.6)
      abstract (>= 1.0.0)
    factory_girl (1.3.2)
    ffi (0.6.3)
      rake (>= 0.8.7)
    formtastic (0.9.10)
      actionpack (>= 2.3.0)
      activesupport (>= 2.3.0)
    growl (1.0.3)
    haml (3.0.16)
    jammit (0.5.1)
      closure-compiler (>= 0.1.0)
      yui-compressor (>= 0.9.1)
    jnunemaker-validatable (1.8.1)
>>>>>>> 2829b84076f3bd62302e7e816ff03e75360cbeab
    json_pure (1.4.6)
    launchy (0.3.7)
      configuration (>= 0.0.5)
      rake (>= 0.8.1)
<<<<<<< HEAD
    mail (2.2.5)
      activesupport (>= 2.3.6)
      mime-types
      treetop (>= 1.4.5)
    mime-types (1.16)
    polyglot (0.3.1)
    rack (1.2.1)
    rack-mount (0.6.12)
      rack (>= 1.0.0)
    rack-test (0.5.4)
      rack (>= 1.0)
    rails (3.0.0)
      actionmailer (= 3.0.0)
      actionpack (= 3.0.0)
      activerecord (= 3.0.0)
      activeresource (= 3.0.0)
      activesupport (= 3.0.0)
      bundler (~> 1.0.0)
      railties (= 3.0.0)
    railties (3.0.0)
      actionpack (= 3.0.0)
      activesupport (= 3.0.0)
      rake (>= 0.8.4)
      thor (~> 0.14.0)
    rake (0.8.7)
    rest-client (1.4.2)
      mime-types (>= 1.16)
    thor (0.14.0)
    treetop (1.4.8)
      polyglot (>= 0.3.1)
    tzinfo (0.3.23)
    wirble (0.1.3)
=======
    libnotify (0.2.0)
      ffi (>= 0.6.2)
    mime-types (1.16)
    mongo (0.18.3)
    mongo_ext (0.18.3)
    mongo_mapper (0.7.0)
      activesupport (>= 2.3)
      jnunemaker-validatable (= 1.8.1)
      mongo (= 0.18.3)
    mongomapper_ext (0.3.0)
      mongo_mapper (~> 0.7)
      uuidtools (>= 2.0.0)
    nokogiri (1.4.3.1)
    prawn (0.8.4)
      prawn-core (>= 0.8.4, < 0.9)
      prawn-layout (>= 0.8.4, < 0.9)
      prawn-security (>= 0.8.4, < 0.9)
    prawn-core (0.8.4)
    prawn-layout (0.8.4)
    prawn-security (0.8.4)
    rack (1.1.0)
    rack-test (0.5.4)
      rack (>= 1.0)
    rails (2.3.8)
      actionmailer (= 2.3.8)
      actionpack (= 2.3.8)
      activerecord (= 2.3.8)
      activeresource (= 2.3.8)
      activesupport (= 2.3.8)
      rake (>= 0.8.3)
    rake (0.8.7)
    rb-inotify (0.8.1)
      ffi (>= 0.5.0)
    remarkable (3.1.13)
      rspec (>= 1.2.0)
    remarkable_activerecord (3.1.13)
      remarkable (~> 3.1.13)
      rspec (>= 1.2.0)
    remarkable_rails (3.1.13)
      remarkable (~> 3.1.13)
      remarkable_activerecord (~> 3.1.13)
      rspec (>= 1.2.0)
      rspec-rails (>= 1.2.0)
    right_aws (2.0.0)
      right_http_connection (>= 1.2.1)
    right_http_connection (1.2.4)
    rspactor (0.7.0.beta.6)
      bundler (>= 1.0.0.rc.5)
      growl (>= 1.0.3)
      libnotify (>= 0.1.3)
      rb-inotify
      sys-uname (>= 0.8.4)
      trollop (>= 1.16.2)
    rspec (1.3.0)
    rspec-rails (1.3.2)
      rack (>= 1.0.0)
      rspec (>= 1.3.0)
    rubyzip (0.9.4)
    selenium-webdriver (0.0.27)
      ffi (>= 0.6.1)
      json_pure
      rubyzip
    spork (0.8.4)
    ssl_requirement (0.1.0)
    sys-uname (0.8.4)
    trollop (1.16.2)
    uuidtools (2.1.1)
    will_paginate (2.3.14)
>>>>>>> 2829b84076f3bd62302e7e816ff03e75360cbeab
    yui-compressor (0.9.1)

PLATFORMS
  ruby

DEPENDENCIES
<<<<<<< HEAD
  haml (~> 3.0.18)
  heroku
  heroku_tasks!
  i18n (~> 0.4.1)
  jammit!
  rails (~> 3.0.0)
  wirble
=======
  bson_ext (= 1.0)
  capybara
  carrierwave (= 0.4.5)
  erubis
  factory_girl
  formtastic (~> 0.9.10)
  growl
  haml (~> 3.0.9)
  jammit
  launchy
  mongo_ext (= 0.18.3)
  mongo_mapper (= 0.7.0)
  mongomapper_ext
  prawn
  rails (~> 2.3.8)
  remarkable_rails
  right_aws
  rspactor (= 0.7.0.beta.6)
  rspec (~> 1.3.0)
  rspec-rails (~> 1.3.2)
  spork
  ssl_requirement
  sys-uname
  will_paginate (~> 2.3.14)
>>>>>>> 2829b84076f3bd62302e7e816ff03e75360cbeab
